PATH
  remote: .
  specs:
    solar-system-weather (0.1)

GEM
  remote: https://rubygems.org/
  specs:
    rake (12.3.3)

PLATFORMS
  ruby

DEPENDENCIES
  rake (~> 12.0)
  solar-system-weather!

BUNDLED WITH
   2.1.4
