PATH
  remote: .
  specs:
    solar-system-weather (0.1)

GEM
  remote: https://rubygems.org/
  specs:
    awesome_print (1.8.0)
    coderay (1.1.3)
    method_source (1.0.0)
    pry (0.13.1)
      coderay (~> 1.1)
      method_source (~> 1.0)
    rake (12.3.3)

PLATFORMS
  ruby

DEPENDENCIES
  awesome_print
  pry
  rake (~> 12.0)
  solar-system-weather!

BUNDLED WITH
   2.1.4
